GEM
  remote: http://rubygems.org/
  specs:
    crack (0.1.8)
    httparty (0.4.5)
      crack (>= 0.1.1)
    json (1.4.6)
    notifo (0.1.0)
      httparty (~> 0.4.5)
    rack (1.2.1)
    rack-test (0.5.6)
      rack (>= 1.0)
    rspec (1.3.1)
    sinatra (1.0)
      rack (>= 1.0)

PLATFORMS
  ruby

DEPENDENCIES
  json
  notifo
  rack-test
  rspec (= 1.3.1)
  sinatra
